GEM
  remote: https://rubygems.org/
  specs:
    bcrypt (3.1.20)
    concurrent-ruby (1.3.5)
    diff-lcs (1.5.1)
    rack (3.1.8)
    rack-test (2.2.0)
      rack (>= 1.3)
    rackup (2.2.1)
      rack (>= 3)
    rspec (3.13.0)
      rspec-core (~> 3.13.0)
      rspec-expectations (~> 3.13.0)
      rspec-mocks (~> 3.13.0)
    rspec-core (3.13.2)
      rspec-support (~> 3.13.0)
    rspec-expectations (3.13.3)
      diff-lcs (>= 1.2.0, < 2.0)
      rspec-support (~> 3.13.0)
    rspec-mocks (3.13.2)
      diff-lcs (>= 1.2.0, < 2.0)
      rspec-support (~> 3.13.0)
    rspec-support (3.13.2)
    securerandom (0.4.1)
    stringio (3.1.2)
    webrick (1.9.1)
    zlib (3.2.1)

PLATFORMS
  x64-mingw-ucrt

DEPENDENCIES
  bcrypt (~> 3.1)
  concurrent-ruby (~> 1.3)
  rack (~> 3.1)
  rack-test (~> 2.2)
  rackup (~> 2.2)
  rspec (~> 3.13)
  securerandom (~> 0.4.1)
  stringio (~> 3.1)
  webrick (~> 1.9)
  zlib (~> 3.2)

BUNDLED WITH
   2.6.2
